PATH
  remote: .
  specs:
    assert (0.1.0)

GEM
  remote: http://rubygems.org/
  specs:
    rake (0.9.2)

PLATFORMS
  ruby

DEPENDENCIES
  assert!
  bundler (~> 1.0)
  rake (~> 0.9.2)
