PATH
  remote: .
  specs:
    assert (0.2.0)
      ansi (~> 1.3)

GEM
  remote: http://rubygems.org/
  specs:
    ansi (1.3.0)
    rake (0.9.2)

PLATFORMS
  ruby

DEPENDENCIES
  assert!
  bundler (~> 1.0)
  rake (~> 0.9.2)
