PATH
  remote: .
  specs:
    assert (0.4.0)
      ansi (~> 1.3)
      assert-view

GEM
  remote: http://rubygems.org/
  specs:
    ansi (1.3.0)
    assert-view (0.1.0)
    rake (0.9.2)

PLATFORMS
  ruby

DEPENDENCIES
  assert!
  bundler (~> 1.0)
  rake (~> 0.9.2)
