PATH
  remote: .
  specs:
    assert (0.0.1)

GEM
  remote: http://rubygems.org/
  specs:
    leftright (0.9.1)
    rake (0.9.2)
    test-belt (2.0.0)
      leftright (~> 0.9.0)

PLATFORMS
  ruby

DEPENDENCIES
  assert!
  bundler (~> 1.0)
  rake (~> 0.9.2)
  test-belt (~> 2.0)
