PATH
  remote: .
  specs:
    assert (0.7.0)
      assert-view (~> 0.4)

GEM
  remote: http://rubygems.org/
  specs:
    ansi (1.3.0)
    assert-view (0.4.1)
      ansi (~> 1.3)
      undies (~> 1.1)
    rake (0.9.2)
    undies (1.2.0)

PLATFORMS
  ruby

DEPENDENCIES
  assert!
  bundler (~> 1.0)
  rake (~> 0.9.2)
